GEM
  remote: https://rubygems.org/
  specs:
    hiera-eyaml (2.0.2)
      highline (>= 1.6.19)
      trollop (>= 2.0)
    highline (1.6.21)
    json (1.8.1)
    librarian (0.1.2)
      highline
      thor (~> 0.15)
    librarian-puppet (1.0.2)
      json
      librarian (>= 0.1.2)
    puppet (3.4.3)
    thor (0.19.1)
    trollop (2.0)

PLATFORMS
  ruby

DEPENDENCIES
  hiera-eyaml
  librarian-puppet
  puppet
