GEM
  remote: https://rubygems.org/
  specs:
    facter (1.7.5)
    hiera (1.3.2)
      json_pure
    hiera-eyaml (2.0.1)
      hiera (>= 1.2.1)
      highline (>= 1.6.19)
      trollop (>= 2.0)
    highline (1.6.21)
    json (1.8.1)
    json_pure (1.8.1)
    librarian (0.1.2)
      highline
      thor (~> 0.15)
    librarian-puppet (0.9.14)
      json
      librarian (>= 0.1.2)
      open3_backport
    open3_backport (0.0.3)
      open4 (~> 1.3.0)
    open4 (1.3.3)
    puppet (3.4.3)
      facter (~> 1.6)
      hiera (~> 1.0)
      rgen (~> 0.6.5)
    rgen (0.6.6)
    thor (0.18.1)
    trollop (2.0)

PLATFORMS
  ruby

DEPENDENCIES
  hiera-eyaml
  librarian-puppet
  puppet
